GIT
  remote: git://github.com/sinatra/sinatra.git
  revision: ec08e37bf8b4d1bbb6f28cc3eaf37eea172dc08f
  specs:
    rack-protection (2.0.0)
      rack
    sinatra (2.0.0)
      mustermann (~> 1.0)
      rack (~> 2.0)
      rack-protection (= 2.0.0)
      tilt (~> 2.0)

GEM
  remote: https://rubygems.org/
  specs:
    coderay (1.1.1)
    diff-lcs (1.3)
    haml (5.0.1)
      temple (>= 0.8.0)
      tilt
    method_source (0.8.2)
    mustermann (1.0.0)
    pry (0.10.4)
      coderay (~> 1.1.0)
      method_source (~> 0.8.1)
      slop (~> 3.4)
    rack (2.0.3)
    require_all (1.4.0)
    rspec (3.6.0)
      rspec-core (~> 3.6.0)
      rspec-expectations (~> 3.6.0)
      rspec-mocks (~> 3.6.0)
    rspec-core (3.6.0)
      rspec-support (~> 3.6.0)
    rspec-expectations (3.6.0)
      diff-lcs (>= 1.2.0, < 2.0)
      rspec-support (~> 3.6.0)
    rspec-mocks (3.6.0)
      diff-lcs (>= 1.2.0, < 2.0)
      rspec-support (~> 3.6.0)
    rspec-support (3.6.0)
    sequel (4.46.0)
    shotgun (0.9.2)
      rack (>= 1.0)
    slop (3.6.0)
    sqlite3 (1.3.13)
    temple (0.8.0)
    tilt (2.0.7)
    warden (1.2.7)
      rack (>= 1.0)

PLATFORMS
  ruby

DEPENDENCIES
  haml (= 5.0.1)
  pry
  require_all
  rspec (= 3.6)
  sequel
  shotgun
  sinatra!
  sqlite3
  warden

BUNDLED WITH
   1.14.6
